GEM
  remote: https://rubygems.org/
  specs:
    async (2.21.0)
      console (~> 1.29)
      fiber-annotation
      io-event (~> 1.6, >= 1.6.5)
    async-io (1.43.2)
      async
    async-pool (0.10.2)
      async (>= 1.25)
      traces
    colorize (1.1.0)
    concurrent-ruby (1.2.3)
    connection_pool (2.4.1)
    console (1.29.0)
      fiber-annotation
      fiber-local (~> 1.1)
      json
    diff-lcs (1.5.1)
    fiber-annotation (0.2.0)
    fiber-local (1.1.0)
      fiber-storage
    fiber-storage (1.0.0)
    io-event (1.7.3)
    json (2.8.2)
    logger (1.6.1)
    msgpack (1.7.5)
    ostruct (0.6.1)
    rake (13.0.6)
    rspec (3.12.0)
      rspec-core (~> 3.12.0)
      rspec-expectations (~> 3.12.0)
      rspec-mocks (~> 3.12.0)
    rspec-core (3.12.3)
      rspec-support (~> 3.12.0)
    rspec-expectations (3.12.4)
      diff-lcs (>= 1.2.0, < 2.0)
      rspec-support (~> 3.12.0)
    rspec-mocks (3.12.7)
      diff-lcs (>= 1.2.0, < 2.0)
      rspec-support (~> 3.12.0)
    rspec-support (3.12.2)
    traces (0.14.1)
    xxhash (0.5.0)

PLATFORMS
  arm64-darwin-24
  ruby

DEPENDENCIES
  async (~> 2.9)
  async-io (~> 1.38)
  async-pool (~> 0.4)
  colorize (~> 1.1)
  concurrent-ruby (~> 1.2.0)
  connection_pool (~> 2.4.0)
  logger (~> 1.6)
  msgpack (~> 1.7.0)
  ostruct (~> 0.6)
  rake (~> 13.0.6)
  rspec (~> 3.12.0)
  xxhash

BUNDLED WITH
   2.5.23
