GEM
  remote: https://rubygems.org/
  specs:
    concurrent-ruby (1.2.3)
    connection_pool (2.4.1)
    diff-lcs (1.5.1)
    digest-murmurhash (1.1.1)
    eventmachine (1.2.7)
    msgpack (1.7.5)
    rake (13.0.6)
    rspec (3.12.0)
      rspec-core (~> 3.12.0)
      rspec-expectations (~> 3.12.0)
      rspec-mocks (~> 3.12.0)
    rspec-core (3.12.3)
      rspec-support (~> 3.12.0)
    rspec-expectations (3.12.4)
      diff-lcs (>= 1.2.0, < 2.0)
      rspec-support (~> 3.12.0)
    rspec-mocks (3.12.7)
      diff-lcs (>= 1.2.0, < 2.0)
      rspec-support (~> 3.12.0)
    rspec-support (3.12.2)

PLATFORMS
  arm64-darwin-24
  ruby

DEPENDENCIES
  concurrent-ruby (~> 1.2.0)
  connection_pool (~> 2.4.0)
  digest-murmurhash (~> 1.1.1)
  eventmachine (~> 1.2.7)
  msgpack (~> 1.7.0)
  rake (~> 13.0.6)
  rspec (~> 3.12.0)

BUNDLED WITH
   2.5.23
