GEM
  remote: https://rubygems.org/
  specs:
    byebug (11.1.3)
    coderay (1.1.3)
    colorize (1.1.0)
    concurrent-ruby (1.2.3)
    connection_pool (2.4.1)
    diff-lcs (1.5.1)
    json (2.8.2)
    logger (1.6.1)
    method_source (1.1.0)
    msgpack (1.7.5)
    ostruct (0.6.1)
    pry (0.15.0)
      coderay (~> 1.1)
      method_source (~> 1.0)
    pry-byebug (3.8.0)
      byebug (~> 11.0)
      pry (~> 0.10)
    rake (13.0.6)
    rspec (3.12.0)
      rspec-core (~> 3.12.0)
      rspec-expectations (~> 3.12.0)
      rspec-mocks (~> 3.12.0)
    rspec-core (3.12.3)
      rspec-support (~> 3.12.0)
    rspec-expectations (3.12.4)
      diff-lcs (>= 1.2.0, < 2.0)
      rspec-support (~> 3.12.0)
    rspec-mocks (3.12.7)
      diff-lcs (>= 1.2.0, < 2.0)
      rspec-support (~> 3.12.0)
    rspec-support (3.12.2)
    rspec-wait (0.0.10)
      rspec (>= 3.0)
    timecop (0.9.10)
    webrick (1.9.0)
    wisper (3.0.0)

PLATFORMS
  arm64-darwin-24
  ruby

DEPENDENCIES
  colorize (~> 1.1)
  concurrent-ruby (~> 1.2.0)
  connection_pool (~> 2.4.0)
  json
  logger (~> 1.6)
  msgpack (~> 1.7.0)
  ostruct (~> 0.6)
  pry
  pry-byebug
  rake (~> 13.0.6)
  rspec (~> 3.12.0)
  rspec-wait (~> 0.0.9)
  timecop (~> 0.9.6)
  webrick
  wisper (~> 3.0.0)

BUNDLED WITH
   2.5.23
